GEM
  remote: https://rubygems.org/
  specs:
    RedCloth (4.2.9)
    blankslate (2.1.2.4)
    celluloid (0.15.2)
      timers (~> 1.1.0)
    chronic (0.10.2)
    classifier (1.3.4)
      fast-stemmer (>= 1.0.0)
    closure-compiler (1.1.10)
    coffee-script (2.3.0)
      coffee-script-source
      execjs
    coffee-script-source (1.7.1)
    colorator (0.1)
    colorize (0.7.3)
    commonjs (0.2.7)
    daemons (1.1.9)
    eventmachine (1.0.3)
    execjs (2.2.1)
    fast-stemmer (1.0.2)
    ffi (1.9.3)
    jekyll (2.1.1)
      classifier (~> 1.3)
      colorator (~> 0.1)
      jekyll-coffeescript (~> 1.0)
      jekyll-gist (~> 1.0)
      jekyll-paginate (~> 1.0)
      jekyll-sass-converter (~> 1.0)
      jekyll-watch (~> 1.0)
      kramdown (~> 1.3)
      liquid (~> 2.6.1)
      mercenary (~> 0.3.3)
      pygments.rb (~> 0.6.0)
      redcarpet (~> 3.1)
      safe_yaml (~> 1.0)
      toml (~> 0.1.0)
    jekyll-coffeescript (1.0.0)
      coffee-script (~> 2.2)
    jekyll-gist (1.1.0)
    jekyll-paginate (1.0.0)
    jekyll-sass-converter (1.0.0)
      sass (~> 3.2)
    jekyll-sitemap (0.5.0)
    jekyll-watch (1.0.0)
      listen (~> 2.7)
    json (1.8.1)
    kramdown (1.4.0)
    less (2.6.0)
      commonjs (~> 0.2.7)
    libv8 (3.16.14.3)
    liquid (2.6.1)
    listen (2.7.9)
      celluloid (>= 0.15.2)
      rb-fsevent (>= 0.9.3)
      rb-inotify (>= 0.9)
    mercenary (0.3.4)
    parslet (1.5.0)
      blankslate (~> 2.0)
    posix-spawn (0.3.8)
    pygments.rb (0.6.0)
      posix-spawn (~> 0.3.6)
      yajl-ruby (~> 1.1.0)
    rack (1.5.2)
    rack-contrib (1.1.0)
      rack (>= 0.9.1)
    rb-fsevent (0.9.4)
    rb-inotify (0.9.5)
      ffi (>= 0.5.0)
    rdiscount (2.1.7.1)
    redcarpet (3.1.2)
    ref (1.0.5)
    safe_yaml (1.0.3)
    sass (3.3.10)
    therubyracer (0.12.1)
      libv8 (~> 3.16.14.0)
      ref
    thin (1.6.2)
      daemons (>= 1.0.9)
      eventmachine (>= 1.0.0)
      rack (>= 1.0.0)
    timers (1.1.0)
    toml (0.1.1)
      parslet (~> 1.5.0)
    yajl-ruby (1.1.0)

PLATFORMS
  ruby

DEPENDENCIES
  RedCloth
  bundler
  chronic
  closure-compiler
  colorize
  jekyll
  jekyll-sitemap
  json
  less
  rack-contrib
  rdiscount
  therubyracer
  thin
